PATH
  remote: .
  specs:
    procon_bypass_man (0.1.4)

GEM
  remote: https://rubygems.org/
  specs:
    coderay (1.1.3)
    diff-lcs (1.4.4)
    method_source (1.0.0)
    pry (0.14.1)
      coderay (~> 1.1)
      method_source (~> 1.0)
    rake (13.0.3)
    rspec (3.10.0)
      rspec-core (~> 3.10.0)
      rspec-expectations (~> 3.10.0)
      rspec-mocks (~> 3.10.0)
    rspec-core (3.10.1)
      rspec-support (~> 3.10.0)
    rspec-expectations (3.10.1)
      diff-lcs (>= 1.2.0, < 2.0)
      rspec-support (~> 3.10.0)
    rspec-mocks (3.10.2)
      diff-lcs (>= 1.2.0, < 2.0)
      rspec-support (~> 3.10.0)
    rspec-support (3.10.2)
    timecop (0.9.4)

PLATFORMS
  arm-linux
  arm64-darwin-20
  armv7l-linux

DEPENDENCIES
  procon_bypass_man!
  pry
  rake (~> 13.0)
  rspec
  timecop

BUNDLED WITH
   2.2.20
