PATH
  remote: .
  specs:
    procon_bypass_man (0.1.8)

GEM
  remote: https://rubygems.org/
  specs:
    activesupport (6.1.4.1)
      concurrent-ruby (~> 1.0, >= 1.0.2)
      i18n (>= 1.6, < 2)
      minitest (>= 5.1)
      tzinfo (~> 2.0)
      zeitwerk (~> 2.3)
    ast (2.4.2)
    coderay (1.1.3)
    concurrent-ruby (1.1.9)
    diff-lcs (1.4.4)
    ffi (1.15.4)
    i18n (1.8.10)
      concurrent-ruby (~> 1.0)
    language_server-protocol (3.16.0.3)
    listen (3.7.0)
      rb-fsevent (~> 0.10, >= 0.10.3)
      rb-inotify (~> 0.9, >= 0.9.10)
    method_source (1.0.0)
    minitest (5.14.4)
    parallel (1.20.1)
    parser (3.0.2.0)
      ast (~> 2.4.1)
    pry (0.14.1)
      coderay (~> 1.1)
      method_source (~> 1.0)
    rainbow (3.0.0)
    rake (13.0.6)
    rb-fsevent (0.11.0)
    rb-inotify (0.10.1)
      ffi (~> 1.0)
    rbs (1.2.1)
    regexp_parser (2.1.1)
    rexml (3.2.5)
    rspec (3.10.0)
      rspec-core (~> 3.10.0)
      rspec-expectations (~> 3.10.0)
      rspec-mocks (~> 3.10.0)
    rspec-core (3.10.1)
      rspec-support (~> 3.10.0)
    rspec-expectations (3.10.1)
      diff-lcs (>= 1.2.0, < 2.0)
      rspec-support (~> 3.10.0)
    rspec-mocks (3.10.2)
      diff-lcs (>= 1.2.0, < 2.0)
      rspec-support (~> 3.10.0)
    rspec-support (3.10.2)
    rubocop (1.20.0)
      parallel (~> 1.10)
      parser (>= 3.0.0.0)
      rainbow (>= 2.2.2, < 4.0)
      regexp_parser (>= 1.8, < 3.0)
      rexml
      rubocop-ast (>= 1.9.1, < 2.0)
      ruby-progressbar (~> 1.7)
      unicode-display_width (>= 1.4.0, < 3.0)
    rubocop-ast (1.11.0)
      parser (>= 3.0.1.1)
    ruby-progressbar (1.11.0)
    steep (0.46.0)
      activesupport (>= 5.1)
      language_server-protocol (>= 3.15, < 4.0)
      listen (~> 3.0)
      parallel (>= 1.0.0)
      parser (>= 3.0)
      rainbow (>= 2.2.2, < 4.0)
      rbs (>= 1.2.0)
      terminal-table (>= 2, < 4)
    terminal-table (3.0.2)
      unicode-display_width (>= 1.1.1, < 3)
    timecop (0.9.4)
    tzinfo (2.0.4)
      concurrent-ruby (~> 1.0)
    unicode-display_width (2.0.0)
    zeitwerk (2.4.2)

PLATFORMS
  arm-linux
  arm64-darwin-20
  armv7l-linux
  x86_64-linux

DEPENDENCIES
  procon_bypass_man!
  pry
  rake (~> 13.0)
  rbs
  rspec
  rubocop
  steep
  timecop

BUNDLED WITH
   2.2.15
